GIT
  remote: https://github.com/avalonmediasystem/about_page.git
  revision: d59bd65d5482f0b69c2ebf1acd60952ecd6b6fb3
  tag: avalon-r6.1
  specs:
    about_page (0.3.1)
      rails (>= 3.2)

GIT
  remote: https://github.com/avalonmediasystem/avalon-about.git
  revision: 93cd70f348e04ee0affeb4543e57d630c976efe1
  tag: avalon-r6
  specs:
    avalon-about (0.1.0)
      about_page
      mediainfo

GIT
  remote: https://github.com/avalonmediasystem/avalon-workflow.git
  revision: 77f26a3b47d1396d1b0173c9d41b3734ae38ca60
  tag: avalon-r6.2
  specs:
    avalon-workflow (0.0.3)

GIT
  remote: https://github.com/avalonmediasystem/media-element-add-to-playlist.git
  revision: 5585bd06178dee4dbd2f8ff64164aad803adeb43
  tag: avalon-r6.2
  specs:
    media_element_add_to_playlist (0.0.1)
      rails (~> 4.0)

GIT
  remote: https://github.com/avalonmediasystem/media-element-thumbnail-selector
  revision: b919ad61525cd608f42983846c87f48212e11646
  tag: avalon-r4
  specs:
    media_element_thumbnail_selector (0.0.1)
      rails (>= 3.2.3)

GIT
  remote: https://github.com/avalonmediasystem/mediaelement-hd-toggle.git
  revision: 2e91a467a1fc029991a9b6b37d271459fd33acaf
  tag: avalon-r6.3
  specs:
    mediaelement-hd-toggle (0.0.1)

GIT
  remote: https://github.com/avalonmediasystem/mediaelement-qualityselector.git
  revision: f0b1a10883a6e57faedff45112c1fb4243e99ad2
  tag: avalon-r4
  specs:
    mediaelement-qualityselector (0.0.1)

GIT
  remote: https://github.com/avalonmediasystem/mediaelement-skin-avalon.git
  revision: a564874595672d5f751a83ae43685728c247f49e
  tag: avalon-r5
  specs:
    mediaelement-skin-avalon (0.0.1)

GIT
  remote: https://github.com/avalonmediasystem/mediaelement-title.git
  revision: a2e67d24217f06a0a7d46c0175cc64fc178cf1fc
  tag: avalon-r4
  specs:
    mediaelement-title (0.0.1)

GIT
  remote: https://github.com/avalonmediasystem/mediaelement-track-scrubber.git
  revision: 8b9b094cbd30f3d8954026cd3650a26df5d5a417
  tag: avalon-r6
  specs:
    mediaelement-track-scrubber (0.0.1)
      rails (>= 4.0)

GIT
  remote: https://github.com/avalonmediasystem/mediaelement_rails.git
  revision: 8ce0042124460f1c3893372afcee34a93d25f8fd
  tag: avalon-r6_flash-fix
  specs:
    mediaelement_rails (0.5.1)
      jquery-rails (>= 1.0)
      railties (>= 3.1)

GIT
  remote: https://github.com/avalonmediasystem/mediainfo.git
  revision: 11504137076169863509c1caaf3555ab65a4a64b
  branch: avalon_fixes
  specs:
    mediainfo (0.7.1)

GIT
  remote: https://github.com/avalonmediasystem/omniauth-lti.git
  revision: 7534c44fc5a3c927aec57bbd3a15cbad37feec74
  tag: avalon-r4
  specs:
    omniauth-lti (0.0.2)
      ims-lti
      omniauth

GIT
  remote: https://github.com/rkallensee/bootstrap-toggle-rails.git
  revision: b85df8ea25ab71628fcec1504c7182dd5d7d3606
  tag: v2.2.1.0
  specs:
    bootstrap-toggle-rails (2.2.1.0)

GIT
  remote: https://github.com/uhlibraries-digital/rubyhorn.git
  revision: 785aa5e4fb9b87efcae5d01c19928b0f0cb09937
  specs:
    rubyhorn (0.0.7)
      activesupport
      json
      mediashelf-loggable
      mime-types
      net-http-digest_auth
      om
      rest-client

GEM
  remote: https://rubygems.org/
  specs:
    actionmailer (4.2.9)
      actionpack (= 4.2.9)
      actionview (= 4.2.9)
      activejob (= 4.2.9)
      mail (~> 2.5, >= 2.5.4)
      rails-dom-testing (~> 1.0, >= 1.0.5)
    actionpack (4.2.9)
      actionview (= 4.2.9)
      activesupport (= 4.2.9)
      rack (~> 1.6)
      rack-test (~> 0.6.2)
      rails-dom-testing (~> 1.0, >= 1.0.5)
      rails-html-sanitizer (~> 1.0, >= 1.0.2)
    actionview (4.2.9)
      activesupport (= 4.2.9)
      builder (~> 3.1)
      erubis (~> 2.7.0)
      rails-dom-testing (~> 1.0, >= 1.0.5)
      rails-html-sanitizer (~> 1.0, >= 1.0.3)
    active-fedora (11.5.6)
      active-triples (>= 0.11.0, < 2.0.0)
      activemodel (>= 4.2, < 5.2)
      activesupport (>= 4.2.4, < 5.2)
      deprecation
      faraday (~> 0.12.1)
      faraday-encoding (= 0.0.4)
      ldp (~> 0.7.0)
      rdf-vocab (< 3.1.5)
      rsolr (>= 1.1.2, < 3)
      ruby-progressbar (~> 1.0)
      solrizer (>= 3.4, < 5)
    active-triples (1.1.1)
      activemodel (>= 3.0.0)
      activesupport (>= 3.0.0)
      rdf (>= 2.0.2, < 4.0)
      rdf-vocab (>= 2.0, < 4.0)
    active_annotations (0.2.2)
      json-ld
      rdf-vocab (~> 2.1.0)
    active_elastic_job (2.0.1)
      aws-sdk (~> 2)
      rails (>= 4.2)
    active_encode (0.1.1)
      activesupport
    active_fedora-datastreams (0.2.0)
      active-fedora (>= 11.0.0.pre, < 13)
      nom-xml (>= 0.5.1)
      om (~> 3.1)
      rdf-rdfxml (~> 2.0)
    active_fedora-noid (2.0.2)
      active-fedora (>= 9.7, < 12)
      noid (~> 0.9)
      rails (>= 4.2.7.1, < 6)
    activejob (4.2.9)
      activesupport (= 4.2.9)
      globalid (>= 0.3.0)
    activemodel (4.2.9)
      activesupport (= 4.2.9)
      builder (~> 3.1)
    activerecord (4.2.9)
      activemodel (= 4.2.9)
      activesupport (= 4.2.9)
      arel (~> 6.0)
    activerecord-session_store (1.1.3)
      actionpack (>= 4.0)
      activerecord (>= 4.0)
      multi_json (~> 1.11, >= 1.11.2)
      rack (>= 1.5.2, < 3)
      railties (>= 4.0)
    activesupport (4.2.9)
      i18n (~> 0.7)
      minitest (~> 5.1)
      thread_safe (~> 0.3, >= 0.3.4)
      tzinfo (~> 1.1)
    acts_as_list (0.9.19)
      activerecord (>= 3.0)
    addressable (2.8.0)
      public_suffix (>= 2.0.2, < 5.0)
    airbrussh (1.4.0)
      sshkit (>= 1.6.1, != 1.7.0)
    api-pagination (4.8.2)
    arel (6.0.4)
    ast (2.4.2)
    autoprefixer-rails (9.8.6)
      execjs
    aws-eventstream (1.1.1)
    aws-sdk (2.11.632)
      aws-sdk-resources (= 2.11.632)
    aws-sdk-core (2.11.632)
      aws-sigv4 (~> 1.0)
      jmespath (~> 1.0)
    aws-sdk-rails (1.0.1)
      aws-sdk-resources (~> 2)
      railties (>= 3)
    aws-sdk-resources (2.11.632)
      aws-sdk-core (= 2.11.632)
    aws-sigv4 (1.2.4)
      aws-eventstream (~> 1, >= 1.0.2)
    babel-source (5.8.35)
    babel-transpiler (0.7.0)
      babel-source (>= 4.0, < 6)
      execjs (~> 2.0)
    bcrypt (3.1.16)
    binding_of_caller (1.0.0)
      debug_inspector (>= 0.0.1)
    bixby (2.0.0)
      rubocop (= 0.63.1)
      rubocop-rspec (= 1.31.0)
    blacklight (6.11.0)
      bootstrap-sass (~> 3.2)
      deprecation
      globalid
      jbuilder
      kaminari (>= 0.15)
      nokogiri (~> 1.6)
      rails (>= 4.2, < 6)
      rsolr (>= 1.0.6, < 3)
      twitter-typeahead-rails (= 0.11.1.pre.corejavascript)
    blacklight-access_controls (0.6.2)
      blacklight (~> 6.0)
      cancancan (~> 1.8)
      deprecation (~> 1.0)
    bootstrap-sass (3.4.1)
      autoprefixer-rails (>= 5.2.1)
      sassc (>= 2.0.0)
    bootstrap_form (2.7.0)
    browse-everything (0.13.1)
      addressable (~> 2.5)
      aws-sdk
      bootstrap-sass
      dropbox-sdk (>= 1.6.2)
      font-awesome-rails
      google-api-client (~> 0.9)
      google_drive
      httparty
      rails (>= 3.1)
      ruby-box
      sass-rails
      signet
      skydrive
    builder (3.2.4)
    byebug (9.1.0)
    cancancan (1.17.0)
    capistrano (3.16.0)
      airbrussh (>= 1.0.0)
      i18n
      rake (>= 10.0.0)
      sshkit (>= 1.9.0)
    capistrano-bundler (2.0.1)
      capistrano (~> 3.1)
    capistrano-passenger (0.2.1)
      capistrano (~> 3.0)
    capistrano-rails (1.6.1)
      capistrano (~> 3.1)
      capistrano-bundler (>= 1.1, < 3)
    capistrano-resque (0.2.3)
      capistrano
      resque
      resque-scheduler
    capistrano-rvm (0.1.2)
      capistrano (~> 3.0)
      sshkit (~> 1.2)
    capybara (3.15.1)
      addressable
      mini_mime (>= 0.1.3)
      nokogiri (~> 1.8)
      rack (>= 1.6.0)
      rack-test (>= 0.6.3)
      regexp_parser (~> 1.2)
      xpath (~> 3.2)
    chronic (0.10.2)
    cliver (0.3.2)
    cloudfront-signer (3.0.2)
    codeclimate-test-reporter (1.0.7)
      simplecov
    coderay (1.1.3)
    coffee-rails (4.1.1)
      coffee-script (>= 2.2.0)
      railties (>= 4.0.0, < 5.1.x)
    coffee-script (2.4.1)
      coffee-script-source
      execjs
    coffee-script-source (1.12.2)
    concurrent-ruby (1.1.9)
    config (1.7.2)
      activesupport (>= 3.0)
      deep_merge (~> 1.2, >= 1.2.1)
      dry-validation (~> 0.12, >= 0.12.2, < 1.0.0)
    crack (0.4.5)
      rexml
    crass (1.0.6)
    daemons (1.4.0)
    database_cleaner (1.99.0)
    debug_inspector (1.1.0)
    declarative (0.0.20)
    declarative-option (0.1.0)
    deep_merge (1.2.1)
    deprecation (1.1.0)
      activesupport
    devise (4.8.0)
      bcrypt (~> 3.0)
      orm_adapter (~> 0.1)
      railties (>= 4.1.0)
      responders
      warden (~> 1.2.3)
    devise_cas_authenticatable (1.10.4)
      devise (>= 1.2.0)
      rubycas-client (>= 2.2.1)
    diff-lcs (1.4.4)
    docile (1.3.5)
    domain_name (0.5.20190701)
      unf (>= 0.0.5, < 1.0.0)
    dotenv (2.7.6)
    dotenv-rails (2.7.6)
      dotenv (= 2.7.6)
      railties (>= 3.2)
    dropbox-sdk (1.6.5)
      json
    dry-configurable (0.8.3)
      concurrent-ruby (~> 1.0)
      dry-core (~> 0.4, >= 0.4.7)
    dry-container (0.7.2)
      concurrent-ruby (~> 1.0)
      dry-configurable (~> 0.1, >= 0.1.3)
    dry-core (0.4.9)
      concurrent-ruby (~> 1.0)
    dry-equalizer (0.2.2)
    dry-inflector (0.1.2)
    dry-logic (0.6.1)
      concurrent-ruby (~> 1.0)
      dry-core (~> 0.2)
      dry-equalizer (~> 0.2)
    dry-types (0.15.0)
      concurrent-ruby (~> 1.0)
      dry-container (~> 0.3)
      dry-core (~> 0.4, >= 0.4.4)
      dry-equalizer (~> 0.2, >= 0.2.2)
      dry-inflector (~> 0.1, >= 0.1.2)
      dry-logic (~> 0.5, >= 0.5)
    dry-validation (0.13.0)
      concurrent-ruby (~> 1.0)
      dry-configurable (~> 0.1, >= 0.1.3)
      dry-core (~> 0.2, >= 0.2.1)
      dry-equalizer (~> 0.2)
      dry-logic (~> 0.5, >= 0.5.0)
      dry-types (~> 0.14, >= 0.14)
    ebnf (1.1.2)
      rdf (>= 2.2, < 4.0)
      sxp (~> 1.0)
    edtf (3.0.6)
      activesupport (>= 3.0, < 7.0)
    email_spec (2.2.0)
      htmlentities (~> 4.3.3)
      launchy (~> 2.1)
      mail (~> 2.7)
    equivalent-xml (0.6.0)
      nokogiri (>= 1.4.3)
    erubis (2.7.0)
    et-orbi (1.2.4)
      tzinfo
    execjs (2.8.1)
    factory_girl (4.9.0)
      activesupport (>= 3.0.0)
    factory_girl_rails (4.9.0)
      factory_girl (~> 4.9.0)
      railties (>= 3.0.0)
    fakefs (1.2.1)
    faker (2.2.1)
      i18n (>= 0.8)
    faraday (0.12.2)
      multipart-post (>= 1.2, < 3)
    faraday-encoding (0.0.4)
      faraday
    fcrepo_wrapper (0.9.0)
      ruby-progressbar
    fedora-migrate (0.5.0)
      rchardet
      rdf-rdfxml
      rubydora (~> 1.8)
    ffi (1.15.3)
    ffi-compiler (1.0.1)
      ffi (>= 1.0.0)
      rake
    flexirest (1.3.33)
      activesupport
      crack
      faraday
      multi_json
    font-awesome-rails (4.7.0.7)
      railties (>= 3.2, < 7)
    fugit (1.5.0)
      et-orbi (~> 1.1, >= 1.1.8)
      raabro (~> 1.4)
    globalid (0.4.2)
      activesupport (>= 4.2.0)
    google-analytics-rails (1.1.0)
    google-api-client (0.32.1)
      addressable (~> 2.5, >= 2.5.1)
      googleauth (>= 0.5, < 0.10.0)
      httpclient (>= 2.8.1, < 3.0)
      mini_mime (~> 1.0)
      representable (~> 3.0)
      retriable (>= 2.0, < 4.0)
      signet (~> 0.10)
    google_drive (3.0.6)
      google-api-client (>= 0.11.0, < 1.0.0)
      googleauth (>= 0.5.0, < 1.0.0)
      nokogiri (>= 1.5.3, < 2.0.0)
    googleauth (0.9.0)
      faraday (~> 0.12)
      jwt (>= 1.4, < 3.0)
      memoist (~> 0.16)
      multi_json (~> 1.11)
      os (>= 0.9, < 2.0)
      signet (~> 0.7)
    haml (5.2.2)
      temple (>= 0.8.0)
      tilt
    hamster (3.0.0)
      concurrent-ruby (~> 1.0)
    hashdiff (1.0.1)
    hashie (4.1.0)
    hooks (0.4.1)
      uber (~> 0.0.14)
    htmlentities (4.3.4)
    httmultiparty (0.3.16)
      httparty (>= 0.7.3)
      mimemagic
      multipart-post
    http (4.4.1)
      addressable (~> 2.3)
      http-cookie (~> 1.0)
      http-form_data (~> 2.2)
      http-parser (~> 1.2.0)
    http-accept (1.7.0)
    http-cookie (1.0.4)
      domain_name (~> 0.5)
    http-form_data (2.3.0)
    http-parser (1.2.3)
      ffi-compiler (>= 1.0, < 2.0)
    http_logger (0.6.0)
    httparty (0.18.1)
      mime-types (~> 3.0)
      multi_xml (>= 0.5.2)
    httpclient (2.8.3)
    hydra-access-controls (10.3.4)
      active-fedora (>= 10.0.0, < 12)
      activesupport (>= 4, < 6)
      blacklight (>= 5.16)
      blacklight-access_controls (~> 0.6)
      cancancan (~> 1.8)
      deprecation (~> 1.0)
    hydra-core (10.3.4)
      hydra-access-controls (= 10.3.4)
      railties (>= 4.0.0, < 6)
    hydra-head (10.3.4)
      hydra-access-controls (= 10.3.4)
      hydra-core (= 10.3.4)
      rails (>= 3.2.6)
    i18n (0.9.5)
      concurrent-ruby (~> 1.0)
    iconv (1.0.8)
    ims-lti (1.1.13)
      builder
      oauth (>= 0.4.5, < 0.6)
    jaro_winkler (1.5.4)
    jbuilder (2.9.1)
      activesupport (>= 4.2.0)
    jmespath (1.4.0)
    jquery-datatables (1.10.20)
    jquery-rails (4.4.0)
      rails-dom-testing (>= 1, < 3)
      railties (>= 4.2.0)
      thor (>= 0.14, < 2.0)
    jquery-ui-rails (6.0.1)
      railties (>= 3.2.16)
    json (2.5.1)
    json-ld (3.0.2)
      multi_json (~> 1.12)
      rdf (>= 2.2.8, < 4.0)
    jwt (2.2.3)
    kaminari (1.2.1)
      activesupport (>= 4.1.0)
      kaminari-actionview (= 1.2.1)
      kaminari-activerecord (= 1.2.1)
      kaminari-core (= 1.2.1)
    kaminari-actionview (1.2.1)
      actionview
      kaminari-core (= 1.2.1)
    kaminari-activerecord (1.2.1)
      activerecord
      kaminari-core (= 1.2.1)
    kaminari-core (1.2.1)
    launchy (2.4.3)
      addressable (~> 2.3)
    ldp (0.7.2)
      deprecation
      faraday
      http_logger
      json-ld
      rdf (>= 1.1)
      rdf-isomorphic
      rdf-turtle
      rdf-vocab (>= 0.8)
      slop
    link_header (0.0.8)
    lograge (0.11.2)
      actionpack (>= 4)
      activesupport (>= 4)
      railties (>= 4)
      request_store (~> 1.0)
    loofah (2.11.0)
      crass (~> 1.0.2)
      nokogiri (>= 1.5.9)
    mail (2.7.1)
      mini_mime (>= 0.1.1)
    marc (1.1.1)
      rexml
      scrub_rb (>= 1.0.1, < 2)
      unf
    media-element-logo-plugin (0.0.2)
      rails (>= 3.2.3)
    mediashelf-loggable (0.4.10)
    memoist (0.16.2)
    method_source (1.0.0)
    mime-types (3.3.1)
      mime-types-data (~> 3.2015)
    mime-types-data (3.2021.0704)
    mimemagic (0.4.3)
      nokogiri (~> 1)
      rake
    mini_mime (1.1.0)
    mini_portile2 (2.4.0)
    minitest (5.14.4)
    mono_logger (1.1.1)
    multi_json (1.15.0)
    multi_xml (0.6.0)
    multipart-post (2.1.1)
    mysql2 (0.4.10)
    net-http-digest_auth (1.4.1)
    net-ldap (0.17.0)
    net-scp (3.0.0)
      net-ssh (>= 2.6.5, < 7.0.0)
    net-ssh (6.1.0)
    netrc (0.11.0)
    nio4r (2.5.2)
    noid (0.9.0)
    nokogiri (1.10.10)
      mini_portile2 (~> 2.4.0)
    nom-xml (1.1.0)
      activesupport (>= 3.2.18)
      i18n
      nokogiri
    oauth (0.5.6)
    oauth2 (1.4.7)
      faraday (>= 0.8, < 2.0)
      jwt (>= 1.0, < 3.0)
      multi_json (~> 1.3)
      multi_xml (~> 0.5)
      rack (>= 1.2, < 3)
    om (3.1.1)
      activemodel
      activesupport
      nokogiri (>= 1.4.2)
      solrizer (~> 3.3)
    omniauth (2.0.4)
      hashie (>= 3.4.6)
      rack (>= 1.6.2, < 3)
      rack-protection
    omniauth-identity (2.0.0)
      bcrypt
      omniauth
    orm_adapter (0.5.0)
    os (1.1.1)
    parallel (1.19.2)
    parser (3.0.2.0)
      ast (~> 2.4.1)
    poltergeist (1.18.1)
      capybara (>= 2.1, < 4)
      cliver (~> 0.3.1)
      websocket-driver (>= 0.2.0)
    powerpack (0.1.3)
    pry (0.14.1)
      coderay (~> 1.1)
      method_source (~> 1.0)
    pry-byebug (3.5.1)
      byebug (~> 9.1)
      pry (~> 0.10)
    pry-rails (0.3.9)
      pry (>= 0.10.4)
    public_suffix (4.0.6)
    puma (5.4.0)
      nio4r (~> 2.0)
    raabro (1.4.0)
    rack (1.6.13)
    rack-protection (1.5.5)
      rack
    rack-test (0.6.3)
      rack (>= 1.0)
    rails (4.2.9)
      actionmailer (= 4.2.9)
      actionpack (= 4.2.9)
      actionview (= 4.2.9)
      activejob (= 4.2.9)
      activemodel (= 4.2.9)
      activerecord (= 4.2.9)
      activesupport (= 4.2.9)
      bundler (>= 1.3.0, < 2.0)
      railties (= 4.2.9)
      sprockets-rails
    rails-deprecated_sanitizer (1.0.4)
      activesupport (>= 4.2.0.alpha)
    rails-dom-testing (1.0.9)
      activesupport (>= 4.2.0, < 5.0)
      nokogiri (~> 1.6)
      rails-deprecated_sanitizer (>= 1.0.1)
    rails-html-sanitizer (1.3.0)
      loofah (~> 2.3)
    railties (4.2.9)
      actionpack (= 4.2.9)
      activesupport (= 4.2.9)
      rake (>= 0.8.7)
      thor (>= 0.18.1, < 2.0)
    rainbow (3.0.0)
    rake (13.0.6)
    rb-readline (0.5.5)
    rchardet (1.8.0)
    rdf (2.2.12)
      hamster (~> 3.0)
      link_header (~> 0.0, >= 0.0.8)
    rdf-aggregate-repo (2.2.1)
      rdf (>= 2.2, < 4.0)
    rdf-isomorphic (2.2.0)
      rdf (>= 2.0, < 4.0)
    rdf-rdfa (2.2.4)
      haml (~> 5.0)
      htmlentities (~> 4.3)
      rdf (>= 2.2, < 4.0)
      rdf-aggregate-repo (>= 2.2, < 4.0)
      rdf-xsd (>= 2.2, < 4.0)
    rdf-rdfxml (2.2.1)
      htmlentities (~> 4.3)
      rdf (>= 2.2, < 4.0)
      rdf-rdfa (>= 2.2, < 4.0)
      rdf-xsd (>= 2.2, < 4.0)
    rdf-turtle (2.2.2)
      ebnf (~> 1.1)
      rdf (>= 2.2, < 4.0)
    rdf-vocab (2.1.1)
      rdf (~> 2.1)
    rdf-xsd (2.2.1)
      rdf (>= 2.2, < 4.0)
    redis (4.4.0)
    redis-actionpack (5.1.0)
      actionpack (>= 4.0, < 7)
      redis-rack (>= 1, < 3)
      redis-store (>= 1.1.0, < 2)
    redis-activesupport (5.2.1)
      activesupport (>= 3, < 7)
      redis-store (>= 1.3, < 2)
    redis-namespace (1.6.0)
      redis (>= 3.0.4)
    redis-rack (2.0.6)
      rack (>= 1.5, < 3)
      redis-store (>= 1.2, < 2)
    redis-rails (5.0.2)
      redis-actionpack (>= 5.0, < 6)
      redis-activesupport (>= 5.0, < 6)
      redis-store (>= 1.2, < 2)
    redis-store (1.9.0)
      redis (>= 4, < 5)
    regexp_parser (1.8.2)
    representable (3.0.4)
      declarative (< 0.1.0)
      declarative-option (< 0.2.0)
      uber (< 0.2.0)
    request_store (1.5.0)
      rack (>= 1.4)
    responders (2.4.1)
      actionpack (>= 4.2.0, < 6.0)
      railties (>= 4.2.0, < 6.0)
    resque (1.27.4)
      mono_logger (~> 1.0)
      multi_json (~> 1.0)
      redis-namespace (~> 1.3)
      sinatra (>= 0.9.2)
      vegas (~> 0.1.2)
    resque-scheduler (4.3.1)
      mono_logger (~> 1.0)
      redis (>= 3.3, < 5)
      resque (~> 1.26)
      rufus-scheduler (~> 3.2)
    rest-client (2.1.0)
      http-accept (>= 1.7.0, < 2.0)
      http-cookie (>= 1.0.2, < 2.0)
      mime-types (>= 1.16, < 4.0)
      netrc (~> 0.8)
    retriable (3.1.2)
    rexml (3.2.5)
    roo (2.8.3)
      nokogiri (~> 1)
      rubyzip (>= 1.3.0, < 3.0.0)
    rsolr (1.1.2)
      builder (>= 2.1.2)
    rspec-core (3.10.1)
      rspec-support (~> 3.10.0)
    rspec-expectations (3.10.1)
      diff-lcs (>= 1.2.0, < 2.0)
      rspec-support (~> 3.10.0)
    rspec-mocks (3.10.2)
      diff-lcs (>= 1.2.0, < 2.0)
      rspec-support (~> 3.10.0)
    rspec-rails (4.1.2)
      actionpack (>= 4.2)
      activesupport (>= 4.2)
      railties (>= 4.2)
      rspec-core (~> 3.10)
      rspec-expectations (~> 3.10)
      rspec-mocks (~> 3.10)
      rspec-support (~> 3.10)
    rspec-retry (0.6.2)
      rspec-core (> 3.3)
    rspec-support (3.10.2)
    rubocop (0.63.1)
      jaro_winkler (~> 1.5.1)
      parallel (~> 1.10)
      parser (>= 2.5, != 2.5.1.1)
      powerpack (~> 0.1)
      rainbow (>= 2.2.2, < 4.0)
      ruby-progressbar (~> 1.7)
      unicode-display_width (~> 1.4.0)
    rubocop-rspec (1.31.0)
      rubocop (>= 0.60.0)
    ruby-box (1.15.0)
      addressable
      json
      multipart-post
      oauth2
    ruby-progressbar (1.11.0)
    rubycas-client (2.3.9)
      activesupport
    rubydora (1.9.1)
      activemodel
      activesupport
      deprecation
      equivalent-xml
      hooks (~> 0.3)
      mime-types
      nokogiri
      rest-client
    rubyzip (1.3.0)
    rufus-scheduler (3.8.0)
      fugit (~> 1.1, >= 1.1.6)
    sass (3.4.22)
    sass-rails (5.0.7)
      railties (>= 4.0.0, < 6)
      sass (~> 3.1)
      sprockets (>= 2.8, < 4.0)
      sprockets-rails (>= 2.0, < 4.0)
      tilt (>= 1.1, < 3)
    sassc (2.4.0)
      ffi (~> 1.9)
    scrub_rb (1.0.1)
    shoulda-matchers (4.0.1)
      activesupport (>= 4.2.0)
    signet (0.11.0)
      addressable (~> 2.3)
      faraday (~> 0.9)
      jwt (>= 1.5, < 3.0)
      multi_json (~> 1.10)
    simplecov (0.17.1)
      docile (~> 1.1)
      json (>= 1.8, < 3)
      simplecov-html (~> 0.10.0)
    simplecov-html (0.10.2)
    sinatra (1.4.8)
      rack (~> 1.5)
      rack-protection (~> 1.4)
      tilt (>= 1.3, < 3)
    skydrive (1.2.0)
      activesupport
      httmultiparty
      httparty (>= 0.11.0)
      oauth2 (>= 0.9.2)
    slop (4.9.1)
    solr_wrapper (3.1.2)
      http
      retriable
      ruby-progressbar
      rubyzip
    solrizer (3.4.1)
      activesupport
      daemons
      nokogiri
      stomp
      xml-simple
    speedy-af (0.1.3)
      active-fedora (>= 11.0.0)
      activesupport (< 5.3)
    sprockets (3.7.2)
      concurrent-ruby (~> 1.0)
      rack (> 1, < 3)
    sprockets-es6 (0.9.2)
      babel-source (>= 5.8.11)
      babel-transpiler
      sprockets (>= 3.0.0)
    sprockets-rails (3.2.2)
      actionpack (>= 4.0)
      activesupport (>= 4.0)
      sprockets (>= 3.0.0)
    sshkit (1.21.2)
      net-scp (>= 1.1.2)
      net-ssh (>= 2.8.0)
    stomp (1.4.10)
    sxp (1.0.1)
      rdf (>= 2.2, < 4.0)
    temple (0.8.2)
    thor (1.1.0)
    thread_safe (0.3.6)
    tilt (2.0.10)
    twitter-typeahead-rails (0.11.1.pre.corejavascript)
      actionpack (>= 3.1)
      jquery-rails
      railties (>= 3.1)
    tzinfo (1.2.9)
      thread_safe (~> 0.1)
    uber (0.0.15)
    uglifier (4.2.0)
      execjs (>= 0.3.0, < 3)
    unf (0.1.4)
      unf_ext
    unf_ext (0.0.7.7)
    unicode-display_width (1.4.1)
    vegas (0.1.11)
      rack (>= 1.0.0)
    warden (1.2.7)
      rack (>= 1.0)
    web-console (2.3.0)
      activemodel (>= 4.0)
      binding_of_caller (>= 0.7.2)
      railties (>= 4.0)
      sprockets-rails (>= 2.0, < 4.0)
    webmock (3.14.0)
      addressable (>= 2.8.0)
      crack (>= 0.3.2)
      hashdiff (>= 0.4.0, < 2.0.0)
    websocket-driver (0.7.5)
      websocket-extensions (>= 0.1.0)
    websocket-extensions (0.1.5)
    whenever (1.0.0)
      chronic (>= 0.6.3)
    with_locking (1.0.2)
    xml-simple (1.1.8)
    xpath (3.2.0)
      nokogiri (~> 1.8)
    xray-rails (0.3.2)
      rails (>= 3.1.0)
    zk (1.9.6)
      zookeeper (~> 1.4.0)
    zookeeper (1.4.11)
    zoom (0.5.0)

PLATFORMS
  ruby

DEPENDENCIES
  about_page!
  active-fedora (~> 11.2)
  active_annotations (~> 0.2.2)
  active_elastic_job (~> 2.0)
  active_encode (~> 0.1.1)
  active_fedora-datastreams
  active_fedora-noid (~> 2.0.2)
  activerecord-session_store
  acts_as_list
  api-pagination
  avalon-about!
  avalon-workflow!
  aws-sdk (~> 2.0)
  aws-sdk-rails
  bixby
  blacklight (= 6.11.0)
  blacklight-access_controls (= 0.6.2)
  bootstrap-toggle-rails!
  bootstrap_form
  browse-everything (~> 0.13.0)
  byebug (~> 9.1)
  capistrano (~> 3.6)
  capistrano-passenger
  capistrano-rails
  capistrano-resque
  capistrano-rvm
  capybara
  cloudfront-signer
  codeclimate-test-reporter
  coffee-rails (~> 4.1.0)
  config
  database_cleaner
  devise
  devise_cas_authenticatable
  dotenv-rails
  edtf
  email_spec
  equivalent-xml
  factory_girl_rails
  fakefs
  faker
  fcrepo_wrapper
  fedora-migrate (~> 0.5.0)
  flexirest (= 1.3.33)
  google-analytics-rails (= 1.1.0)
  hashdiff
  hooks
  hydra-head (~> 10.3.4)
  iconv
  ims-lti (~> 1.1.13)
  jbuilder (~> 2.0)
  jquery-datatables
  jquery-rails
  jquery-ui-rails
  lograge
  marc
  media-element-logo-plugin
  media_element_add_to_playlist!
  media_element_thumbnail_selector!
  mediaelement-hd-toggle!
  mediaelement-qualityselector!
  mediaelement-skin-avalon!
  mediaelement-title!
  mediaelement-track-scrubber!
  mediaelement_rails!
  mediainfo!
  mysql2 (~> 0.4.5)
  net-ldap
  omniauth-identity
  omniauth-lti!
  parallel
  poltergeist
  pry-byebug (~> 3.5.0)
  pry-rails
  puma
  rails (= 4.2.9)
  rb-readline
  rdf (~> 2.2)
  rdf-rdfxml
  redis-rails
  resque (~> 1.27.0)
  resque-scheduler (~> 4.3.0)
  rest-client
  roo
  rsolr (~> 1.0)
  rspec-rails
  rspec-retry
  rubyhorn!
  sass (= 3.4.22)
  sass-rails (~> 5.0)
  shoulda-matchers
  simplecov
  solr_wrapper (>= 0.16)
  speedy-af (~> 0.1.1)
  sprockets-es6
  uglifier (>= 1.3.0)
  web-console (~> 2.0)
  webmock
  whenever
  with_locking
  xray-rails
  zk
  zoom

BUNDLED WITH
   1.17.3
